GEM
  remote: https://rubygems.org/
  specs:
    tty-cursor (0.7.0)

PLATFORMS
  x86-mingw32

DEPENDENCIES
  tty-cursor

BUNDLED WITH
   2.0.1
